GEM
  remote: http://rubygems.org/
  specs:
    awesome_print (1.2.0)
    bacon (1.2.0)
    daemons (1.1.9)
    dotenv (0.7.0)
    eventmachine (1.0.3)
    foreman (0.67.0)
      dotenv (~> 0.7.0)
      thor (~> 0.17.0)
    json (1.8.1)
    pg (0.17.1)
    rack (1.5.2)
    rack-protection (1.5.3)
      rack
    sequel (4.10.0)
    sequel_postgresql_triggers (1.0.7)
      sequel
    sinatra (1.4.5)
      rack (~> 1.4)
      rack-protection (~> 1.4)
      tilt (~> 1.3, >= 1.3.4)
    sinatra-sequel (0.9.0)
      bacon
      sequel (>= 3.2.0)
      sinatra (>= 0.9.4)
    thin (1.6.2)
      daemons (>= 1.0.9)
      eventmachine (>= 1.0.0)
      rack (>= 1.0.0)
    thor (0.17.0)
    tilt (1.4.1)

PLATFORMS
  ruby

DEPENDENCIES
  awesome_print (= 1.2.0)
  dotenv
  foreman (= 0.67.0)
  json (= 1.8.1)
  pg
  sequel
  sequel_postgresql_triggers
  sinatra (= 1.4.5)
  sinatra-sequel
  thin (= 1.6.2)
